{
  "AcquisitionMatrixPE": 128,
  "AcquisitionNumber": 1,
  "AcquisitionTime": "10:08:48.267500",
  "BandwidthPerPixelPhaseEncode": 8.138,
  "BaseResolution": 128,
  "BodyPartExamined": "BRAIN",
  "ConsistencyInfo": "N4_VE11C_LATEST_20160120",
  "ConversionSoftware": "dcm2niix",
  "ConversionSoftwareVersion": "v1.0.20180328 GCC6.3.0",
  "DerivedVendorReportedEchoSpacing": 0.000960003,
  "DeviceSerialNumber": "45031",
  "DwellTime": 3.1e-06,
  "EchoTime": 0.068,
  "EchoTrainLength": 96,
  "EffectiveEchoSpacing": 0.000960002,
  "FlipAngle": 90,
  "ImageOrientationPatientDICOM": [
    1,
    0,
    0,
    0,
    0.905569,
    -0.424199
  ],
  "ImageType": [
    "ORIGINAL",
    "PRIMARY",
    "M",
    "ND"
  ],
  "InPlanePhaseEncodingDirectionDICOM": "COL",
  "InstitutionAddress": "Washington_and_Faculty_Rd._-_Building_25_25_Princeton_NJ_US_085",
  "InstitutionName": "Princeton_University_-_Neuroscience_Institute",
  "InstitutionalDepartmentName": "Department",
  "IntendedFor": ["ses-00/func/sub-132_ses-00_task-localizer_run-01_bold.nii.gz", "ses-00/func/sub-132_ses-00_task-localizer_run-02_bold.nii.gz"],
  "MRAcquisitionType": "2D",
  "MagneticFieldStrength": 3,
  "Manufacturer": "Siemens",
  "ManufacturersModelName": "Skyra",
  "Modality": "MR",
  "PartialFourier": 0.75,
  "PatientPosition": "HFS",
  "PercentPhaseFOV": 100,
  "PhaseEncodingDirection": "j",
  "PhaseEncodingSteps": 96,
  "PhaseResolution": 1,
  "PixelBandwidth": 1260,
  "ProcedureStepDescription": "Norman_McDevitt_7137_viodiff",
  "ProtocolName": "fmap_ses-00_dir-PA",
  "PulseSequenceDetails": "%SiemensSeq%_ep2d_se",
  "ReceiveCoilActiveElements": "HC1-7",
  "ReceiveCoilName": "HeadNeck_64",
  "ReconMatrixPE": 128,
  "RepetitionTime": 10.33,
  "SAR": 0.175721,
  "ScanOptions": "PFP_FS",
  "ScanningSequence": "EP",
  "SequenceName": "_epse2d1_128",
  "SequenceVariant": "SK_SP",
  "SeriesDescription": "fmap_ses-00_dir-PA",
  "SeriesNumber": 6,
  "ShimSetting": [
    3394,
    8798,
    9274,
    614,
    317,
    251,
    113,
    99
  ],
  "SliceThickness": 1.5,
  "SoftwareVersions": "syngo_MR_E11",
  "SpacingBetweenSlices": 1.5,
  "StationName": "AWP45031",
  "TotalReadoutTime": 0.12192,
  "TxRefAmp": 331.69,
  "VendorReportedEchoSpacing": 0.00096
}