{
  "AcquisitionMatrixPE": 288,
  "AcquisitionNumber": 1,
  "AcquisitionTime": "11:33:23.280000",
  "BaseResolution": 384,
  "BodyPartExamined": "BRAIN",
  "ConsistencyInfo": "N4_VE11C_LATEST_20160120",
  "ConversionSoftware": "dcm2niix",
  "ConversionSoftwareVersion": "v1.0.20180328 GCC6.3.0",
  "DeviceSerialNumber": "45031",
  "DwellTime": 5e-06,
  "EchoTime": 0.09,
  "EchoTrainLength": 17,
  "FlipAngle": 150,
  "ImageOrientationPatientDICOM": [
    1,
    0,
    0,
    0,
    0.273959,
    -0.961741
  ],
  "ImageType": [
    "ORIGINAL",
    "PRIMARY",
    "M",
    "ND",
    "NORM"
  ],
  "InPlanePhaseEncodingDirectionDICOM": "ROW",
  "InstitutionAddress": "Washington_and_Faculty_Rd._-_Building_25_25_Princeton_NJ_US_085",
  "InstitutionName": "Princeton_University_-_Neuroscience_Institute",
  "InstitutionalDepartmentName": "Department",
  "MRAcquisitionType": "2D",
  "MagneticFieldStrength": 3,
  "Manufacturer": "Siemens",
  "ManufacturersModelName": "Skyra",
  "Modality": "MR",
  "PartialFourier": 1,
  "PatientPosition": "HFS",
  "PercentPhaseFOV": 100,
  "PhaseEncodingDirection": "i",
  "PhaseEncodingSteps": 323,
  "PhaseOversampling": 0.1,
  "PhaseResolution": 0.75,
  "PixelBandwidth": 260,
  "ProcedureStepDescription": "NormaL_McDevitt_7137_viodiff",
  "ProtocolName": "anat_ses-01_T2w",
  "PulseSequenceDetails": "%SiemensSeq%_tse",
  "ReceiveCoilActiveElements": "HC1-7",
  "ReceiveCoilName": "HeadNeck_64",
  "ReconMatrixPE": 384,
  "RepetitionTime": 11.39,
  "SAR": 0.549573,
  "ScanningSequence": "SE",
  "SequenceName": "_tseR2d1rr17",
  "SequenceVariant": "SK_SP_OSP",
  "SeriesDescription": "anat_ses-01_T2w",
  "SeriesNumber": 12,
  "ShimSetting": [
    3363,
    8674,
    8876,
    41,
    109,
    -94,
    36,
    155
  ],
  "SliceThickness": 1.5,
  "SoftwareVersions": "syngo_MR_E11",
  "SpacingBetweenSlices": 1.8,
  "StationName": "AWP45031",
  "TxRefAmp": 321.348
}