{
	"ECGChannelCount":2,
	"EEGChannelCount":64,
	"EEGReference":"CMS",
	"EMGChannelCount":2,
	"EOGChannelCount":2,
	"InstitutionAddress":"Washington Rd, Princeton, NJ 08540",
	"InstitutionName":"Princeton University",
	"InstitutionalDepartmentName":"Princeton Neuroscience Institute",
	"MiscChannelCount":2,
	"PowerLineFrequency":60,
	"RecordingDuration":5557,
	"SamplingFrequency":512,
    "SoftwareFilters": "n/a",
	"TaskDescription":"Subjects were given an opportunity to nap or quietly rest while listening to a podcast.",
	"TaskName":"rest",
	"TriggerChannelCount":1
}
