{
  "AcquisitionMatrixPE": 128,
  "AcquisitionNumber": 1,
  "AcquisitionTime": "11:31:48.290000",
  "BandwidthPerPixelPhaseEncode": 8.138,
  "BaseResolution": 128,
  "BodyPartExamined": "BRAIN",
  "ConsistencyInfo": "N4_VE11C_LATEST_20160120",
  "ConversionSoftware": "dcm2niix",
  "ConversionSoftwareVersion": "v1.0.20180328 GCC6.3.0",
  "DerivedVendorReportedEchoSpacing": 0.000960003,
  "DeviceSerialNumber": "45031",
  "DwellTime": 3.1e-06,
  "EchoTime": 0.068,
  "EchoTrainLength": 96,
  "EffectiveEchoSpacing": 0.000960002,
  "FlipAngle": 90,
  "ImageOrientationPatientDICOM": [
    1,
    0,
    0,
    0,
    0.952661,
    -0.304033
  ],
  "ImageType": [
    "ORIGINAL",
    "PRIMARY",
    "M",
    "ND"
  ],
  "InPlanePhaseEncodingDirectionDICOM": "COL",
  "InstitutionAddress": "Washington_and_Faculty_Rd._-_Building_25_25_Princeton_NJ_US_085",
  "InstitutionName": "Princeton_University_-_Neuroscience_Institute",
  "InstitutionalDepartmentName": "Department",
  "IntendedFor": ["ses-01/func/sub-115_ses-01_task-study_run-01_bold.nii.gz", "ses-01/func/sub-115_ses-01_task-study_run-02_bold.nii.gz", "ses-01/func/sub-115_ses-01_task-study_run-03_bold.nii.gz", "ses-01/func/sub-115_ses-01_task-study_run-04_bold.nii.gz", "ses-01/func/sub-115_ses-01_task-study_run-05_bold.nii.gz", "ses-01/func/sub-115_ses-01_task-study_run-06_bold.nii.gz"],
  "MRAcquisitionType": "2D",
  "MagneticFieldStrength": 3,
  "Manufacturer": "Siemens",
  "ManufacturersModelName": "Skyra",
  "Modality": "MR",
  "PartialFourier": 0.75,
  "PatientPosition": "HFS",
  "PercentPhaseFOV": 100,
  "PhaseEncodingDirection": "j-",
  "PhaseEncodingSteps": 96,
  "PhaseResolution": 1,
  "PixelBandwidth": 1260,
  "ProcedureStepDescription": "Norman_McDevitt_7137_viodiff",
  "ProtocolName": "fmap_ses-01_dir-AP",
  "PulseSequenceDetails": "%SiemensSeq%_ep2d_se",
  "ReceiveCoilActiveElements": "HC1-7",
  "ReceiveCoilName": "HeadNeck_64",
  "ReconMatrixPE": 128,
  "RepetitionTime": 10.33,
  "SAR": 0.163358,
  "ScanOptions": "PFP_FS",
  "ScanningSequence": "EP",
  "SequenceName": "_epse2d1_128",
  "SequenceVariant": "SK_SP",
  "SeriesDescription": "fmap_ses-01_dir-AP",
  "SeriesNumber": 9,
  "ShimSetting": [
    3379,
    8635,
    9308,
    595,
    155,
    -112,
    222,
    335
  ],
  "SliceThickness": 1.5,
  "SoftwareVersions": "syngo_MR_E11",
  "SpacingBetweenSlices": 1.5,
  "StationName": "AWP45031",
  "TotalReadoutTime": 0.12192,
  "TxRefAmp": 320.732,
  "VendorReportedEchoSpacing": 0.00096
}