{
  "AcquisitionMatrixPE": 102,
  "AcquisitionNumber": 1,
  "AcquisitionTime": "10:45:53.445000",
  "BaseResolution": 128,
  "BodyPartExamined": "BRAIN",
  "ConsistencyInfo": "N4_VE11C_LATEST_20160120",
  "ConversionSoftware": "dcm2niix",
  "ConversionSoftwareVersion": "v1.0.20180328 GCC6.3.0",
  "DeviceSerialNumber": "45031",
  "DwellTime": 4e-06,
  "EchoTime": 0.00307,
  "FlipAngle": 70,
  "ImageOrientationPatientDICOM": [
    1,
    0,
    0,
    0,
    0.877983,
    -0.478692
  ],
  "ImageType": [
    "ORIGINAL",
    "PRIMARY",
    "M",
    "ND",
    "NORM"
  ],
  "InPlanePhaseEncodingDirectionDICOM": "COL",
  "InstitutionAddress": "Washington_and_Faculty_Rd._-_Building_25_25_Princeton_NJ_US_085",
  "InstitutionName": "Princeton_University_-_Neuroscience_Institute",
  "InstitutionalDepartmentName": "Department",
  "MRAcquisitionType": "2D",
  "MagneticFieldStrength": 3,
  "Manufacturer": "Siemens",
  "ManufacturersModelName": "Skyra",
  "Modality": "MR",
  "ParallelReductionFactorInPlane": 2,
  "PartialFourier": 1,
  "PatientPosition": "HFS",
  "PercentPhaseFOV": 100,
  "PhaseEncodingDirection": "j-",
  "PhaseEncodingSteps": 134,
  "PhaseOversampling": 0.3,
  "PhaseResolution": 0.8,
  "PixelBandwidth": 975,
  "ProcedureStepDescription": "Norman_McDevitt_7137_viodiff",
  "ProtocolName": "anat_ses-00_FLASH",
  "PulseSequenceDetails": "%SiemensSeq%_gre",
  "ReceiveCoilActiveElements": "HC1-7",
  "ReceiveCoilName": "HeadNeck_64",
  "ReconMatrixPE": 128,
  "RepetitionTime": 0.35,
  "SAR": 0.566743,
  "ScanningSequence": "GR",
  "SequenceName": "_fl2d1",
  "SequenceVariant": "SP_OSP",
  "SeriesDescription": "anat_ses-00_FLASH",
  "SeriesNumber": 7,
  "ShimSetting": [
    3368,
    8749,
    8820,
    52,
    49,
    -224,
    137,
    211
  ],
  "SliceThickness": 2,
  "SoftwareVersions": "syngo_MR_E11",
  "SpacingBetweenSlices": 2,
  "StationName": "AWP45031",
  "TxRefAmp": 299.812
}